GEM
  remote: http://rubygems.org/
  specs:
    bson (4.2.2)
    bson_ext (1.5.1)
    daemons (1.2.5)
    eventmachine (1.2.5)
    mongo (2.4.3)
      bson (>= 4.2.1, < 5.0.0)
    mustermann (1.0.1)
    rack (2.0.3)
    rack-protection (2.0.0)
      rack
    rake (12.2.1)
    sinatra (2.0.0)
      mustermann (~> 1.0)
      rack (~> 2.0)
      rack-protection (= 2.0.0)
      tilt (~> 2.0)
    thin (1.7.2)
      daemons (~> 1.0, >= 1.0.9)
      eventmachine (~> 1.0, >= 1.0.4)
      rack (>= 1, < 3)
    tilt (2.0.8)

PLATFORMS
  ruby

DEPENDENCIES
  bson_ext
  mongo (~> 2.2, >= 2.2.5)
  rake
  sinatra
  thin (~> 1.7)

BUNDLED WITH
   1.15.4
